GIT
  remote: git://github.com/sue445/ruby_kml.git
  revision: 78d200fc8454044d2a403e471e7aae684737bda3
  branch: placemark_style
  specs:
    ruby_kml (0.1.7)
      builder
      nokogiri

GEM
  remote: https://rubygems.org/
  specs:
    activesupport (4.2.6)
      i18n (~> 0.7)
      json (~> 1.7, >= 1.7.7)
      minitest (~> 5.1)
      thread_safe (~> 0.3, >= 0.3.4)
      tzinfo (~> 1.1)
    addressable (2.4.0)
    builder (3.2.2)
    dotenv (2.1.1)
    faraday (0.9.2)
      multipart-post (>= 1.2, < 3)
    i18n (0.7.0)
    json (1.8.3)
    mini_portile2 (2.5.1)
    minitest (5.9.0)
    multipart-post (2.0.0)
    nokogiri (1.11.4)
      mini_portile2 (~> 2.5.0)
      racc (~> 1.4)
    octokit (4.3.0)
      sawyer (~> 0.7.0, >= 0.5.3)
    parallel (1.9.0)
    racc (1.5.2)
    sawyer (0.7.0)
      addressable (>= 2.3.5, < 2.5)
      faraday (~> 0.8, < 0.10)
    thread_safe (0.3.5)
    tzinfo (1.2.2)
      thread_safe (~> 0.1)

PLATFORMS
  ruby

DEPENDENCIES
  activesupport
  dotenv
  octokit
  parallel
  ruby_kml!

BUNDLED WITH
   1.12.3
